GEM
  remote: https://rubygems.org/
  specs:
    addressable (2.5.1)
      public_suffix (~> 2.0, >= 2.0.2)
    capybara (2.14.0)
      addressable
      mime-types (>= 1.16)
      nokogiri (>= 1.3.3)
      rack (>= 1.0.0)
      rack-test (>= 0.5.4)
      xpath (~> 2.0)
    coderay (1.1.1)
    daemons (1.2.4)
    docdiff (0.5.0)
    eventmachine (1.2.3)
    foreman (0.84.0)
      thor (~> 0.19.1)
    hikidoc (0.1.0)
    json (2.3.1)
    method_source (0.8.2)
    mime-types (3.1)
      mime-types-data (~> 3.2015)
    mime-types-data (3.2016.0521)
    mini_portile2 (2.5.1)
    mysql2 (0.4.6)
    nokogiri (1.11.4)
      mini_portile2 (~> 2.5.0)
      racc (~> 1.4)
    power_assert (1.0.2)
    pry (0.10.4)
      coderay (~> 1.1.0)
      method_source (~> 0.8.1)
      slop (~> 3.4)
    public_suffix (2.0.5)
    racc (1.5.2)
    rack (2.1.4)
    rack-test (0.6.3)
      rack (>= 1.0)
    rake (12.3.3)
    rdtool (0.6.38)
    rr (1.2.0)
    sequel (4.46.0)
    slop (3.6.0)
    test-unit (3.2.3)
      power_assert
    test-unit-capybara (1.0.5)
      capybara (>= 2.1.0)
      json
      test-unit (>= 2.5.3)
    test-unit-notify (1.0.4)
      test-unit (>= 2.4.9)
    test-unit-rr (1.0.5)
      rr (>= 1.1.1)
      test-unit (>= 2.5.2)
    thin (1.7.0)
      daemons (~> 1.0, >= 1.0.9)
      eventmachine (~> 1.0, >= 1.0.4)
      rack (>= 1, < 3)
    thor (0.19.4)
    xmlrpc (0.3.0)
    xpath (2.0.0)
      nokogiri (~> 1.3)

PLATFORMS
  ruby

DEPENDENCIES
  capybara
  docdiff
  foreman
  hikidoc
  mysql2
  pry
  rack
  rake
  rdtool
  sequel
  test-unit
  test-unit-capybara
  test-unit-notify
  test-unit-rr
  thin
  xmlrpc

BUNDLED WITH
   1.14.6
