GEM
  remote: https://rubygems.org/
  specs:
    capybara (1.1.4)
      mime-types (>= 1.16)
      nokogiri (>= 1.3.3)
      rack (>= 1.0.0)
      rack-test (>= 0.5.4)
      selenium-webdriver (~> 2.0)
      xpath (~> 0.1.4)
    childprocess (0.5.9)
      ffi (~> 1.0, >= 1.0.11)
    coderay (1.1.1)
    daemons (1.2.3)
    docdiff (0.5.0)
    eventmachine (1.2.0.1)
    ffi (1.9.14)
    foreman (0.82.0)
      thor (~> 0.19.1)
    hiki2md (0.1.3)
    hikidoc (0.1.0)
    json (2.0.1)
    mathjax-yard (1.0.2)
      systemu
    method_source (0.8.2)
    mime-types (3.1)
      mime-types-data (~> 3.2015)
    mime-types-data (3.2016.0521)
    mini_portile2 (2.1.0)
    mysql2 (0.4.4)
    nokogiri (1.6.8)
      mini_portile2 (~> 2.1.0)
      pkg-config (~> 1.1.7)
    pkg-config (1.1.7)
    power_assert (0.3.0)
    pry (0.10.4)
      coderay (~> 1.1.0)
      method_source (~> 0.8.1)
      slop (~> 3.4)
    rack (2.0.1)
    rack-test (0.6.3)
      rack (>= 1.0)
    rake (11.2.2)
    rdtool (0.6.38)
    rr (1.2.0)
    rubyzip (1.2.0)
    selenium-webdriver (2.53.4)
      childprocess (~> 0.5)
      rubyzip (~> 1.0)
      websocket (~> 1.0)
    sequel (4.36.0)
    slop (3.6.0)
    systemu (2.6.5)
    test-unit (3.2.0)
      power_assert
    test-unit-capybara (1.0.2)
      capybara (>= 1.1.2)
      json
      test-unit (>= 2.4.4)
    test-unit-notify (1.0.4)
      test-unit (>= 2.4.9)
    test-unit-rr (1.0.5)
      rr (>= 1.1.1)
      test-unit (>= 2.5.2)
    thin (1.7.0)
      daemons (~> 1.0, >= 1.0.9)
      eventmachine (~> 1.0, >= 1.0.4)
      rack (>= 1, < 3)
    thor (0.19.1)
    websocket (1.2.3)
    xpath (0.1.4)
      nokogiri (~> 1.3)
    yard (0.9.0)

PLATFORMS
  ruby

DEPENDENCIES
  capybara (< 2)
  docdiff
  foreman
  hiki2md
  hikidoc
  mathjax-yard
  mysql2
  pry
  rack
  rake
  rdtool
  sequel
  test-unit
  test-unit-capybara
  test-unit-notify
  test-unit-rr
  thin
  yard

BUNDLED WITH
   1.11.2
